PATH
  remote: .
  specs:
    rack-useragent (0.0.5)
      bundler (>= 1.3)
      rack (>= 0.9.1)
      useragent (>= 0.4.16)

GEM
  remote: https://rubygems.org/
  specs:
    mocha (0.9.8)
      rake
    rack (2.0.8)
    rake (10.3.2)
    useragent (0.10.0)

PLATFORMS
  ruby

DEPENDENCIES
  mocha (= 0.9.8)
  rack-useragent!
  rake

BUNDLED WITH
   1.17.1
