PATH
  remote: .
  specs:
    rack-useragent (0.0.5)
      bundler (>= 1.3)
      rack (>= 1.6.12)
      useragent (>= 0.4.16)

GEM
  remote: https://rubygems.org/
  specs:
    mocha (0.9.8)
      rake
    rack (3.0.4.1)
    rake (12.3.3)
    useragent (0.16.10)

PLATFORMS
  ruby

DEPENDENCIES
  mocha (= 0.9.8)
  rack-useragent!
  rake

BUNDLED WITH
   2.1.4
